GEM
  remote: https://rubygems.org/
  specs:
    capistrano (2.15.11)
      highline
      net-scp (>= 1.0.0)
      net-sftp (>= 2.0.0)
      net-ssh (>= 2.0.14)
      net-ssh-gateway (>= 1.1.0)
    capistrano_colors (0.5.5)
    highline (3.1.2)
      reline
    io-console (0.8.1)
    net-scp (4.1.0)
      net-ssh (>= 2.6.5, < 8.0.0)
    net-sftp (4.0.0)
      net-ssh (>= 5.0.0, < 8.0.0)
    net-ssh (7.3.0)
    net-ssh-gateway (2.0.0)
      net-ssh (>= 4.0.0)
    reline (0.6.2)
      io-console (~> 0.5)

PLATFORMS
  ruby

DEPENDENCIES
  capistrano (~> 2)
  capistrano_colors

BUNDLED WITH
   2.1.4
